PATH
  remote: .
  specs:
    rails_error_notifier (0.1.0)

GEM
  remote: https://rubygems.org/
  specs:
    actionpack (7.2.2.2)
      actionview (= 7.2.2.2)
      activesupport (= 7.2.2.2)
      nokogiri (>= 1.8.5)
      racc
      rack (>= 2.2.4, < 3.2)
      rack-session (>= 1.0.1)
      rack-test (>= 0.6.3)
      rails-dom-testing (~> 2.2)
      rails-html-sanitizer (~> 1.6)
      useragent (~> 0.16)
    actionview (7.2.2.2)
      activesupport (= 7.2.2.2)
      builder (~> 3.1)
      erubi (~> 1.11)
      rails-dom-testing (~> 2.2)
      rails-html-sanitizer (~> 1.6)
    activesupport (7.2.2.2)
      base64
      benchmark (>= 0.3)
      bigdecimal
      concurrent-ruby (~> 1.0, >= 1.3.1)
      connection_pool (>= 2.2.5)
      drb
      i18n (>= 1.6, < 2)
      logger (>= 1.4.2)
      minitest (>= 5.1)
      securerandom (>= 0.3)
      tzinfo (~> 2.0, >= 2.0.5)
    addressable (2.8.7)
      public_suffix (>= 2.0.2, < 7.0)
    base64 (0.3.0)
    benchmark (0.4.1)
    bigdecimal (3.2.3)
    builder (3.3.0)
    concurrent-ruby (1.3.5)
    connection_pool (2.5.4)
    crack (1.0.0)
      bigdecimal
      rexml
    crass (1.0.6)
    date (3.4.1)
    diff-lcs (1.6.2)
    drb (2.2.3)
    erb (5.0.2)
    erubi (1.13.1)
    hashdiff (1.2.0)
    i18n (1.14.7)
      concurrent-ruby (~> 1.0)
    io-console (0.8.1)
    irb (1.15.2)
      pp (>= 0.6.0)
      rdoc (>= 4.0.0)
      reline (>= 0.4.2)
    logger (1.7.0)
    loofah (2.24.1)
      crass (~> 1.0.2)
      nokogiri (>= 1.12.0)
    minitest (5.25.5)
    nokogiri (1.18.9-x86_64-darwin)
      racc (~> 1.4)
    pp (0.6.2)
      prettyprint
    prettyprint (0.2.0)
    psych (5.2.6)
      date
      stringio
    public_suffix (6.0.2)
    racc (1.8.1)
    rack (3.1.16)
    rack-session (2.1.1)
      base64 (>= 0.1.0)
      rack (>= 3.0.0)
    rack-test (2.2.0)
      rack (>= 1.3)
    rackup (2.2.1)
      rack (>= 3)
    rails-dom-testing (2.3.0)
      activesupport (>= 5.0.0)
      minitest
      nokogiri (>= 1.6)
    rails-html-sanitizer (1.6.2)
      loofah (~> 2.21)
      nokogiri (>= 1.15.7, != 1.16.7, != 1.16.6, != 1.16.5, != 1.16.4, != 1.16.3, != 1.16.2, != 1.16.1, != 1.16.0.rc1, != 1.16.0)
    railties (7.2.2.2)
      actionpack (= 7.2.2.2)
      activesupport (= 7.2.2.2)
      irb (~> 1.13)
      rackup (>= 1.0.0)
      rake (>= 12.2)
      thor (~> 1.0, >= 1.2.2)
      zeitwerk (~> 2.6)
    rake (13.3.0)
    rdoc (6.14.2)
      erb
      psych (>= 4.0.0)
    reline (0.6.2)
      io-console (~> 0.5)
    rexml (3.4.2)
    rspec (3.13.1)
      rspec-core (~> 3.13.0)
      rspec-expectations (~> 3.13.0)
      rspec-mocks (~> 3.13.0)
    rspec-core (3.13.5)
      rspec-support (~> 3.13.0)
    rspec-expectations (3.13.5)
      diff-lcs (>= 1.2.0, < 2.0)
      rspec-support (~> 3.13.0)
    rspec-mocks (3.13.5)
      diff-lcs (>= 1.2.0, < 2.0)
      rspec-support (~> 3.13.0)
    rspec-rails (8.0.2)
      actionpack (>= 7.2)
      activesupport (>= 7.2)
      railties (>= 7.2)
      rspec-core (~> 3.13)
      rspec-expectations (~> 3.13)
      rspec-mocks (~> 3.13)
      rspec-support (~> 3.13)
    rspec-support (3.13.5)
    securerandom (0.4.1)
    stringio (3.1.7)
    thor (1.4.0)
    tzinfo (2.0.6)
      concurrent-ruby (~> 1.0)
    useragent (0.16.11)
    webmock (3.25.1)
      addressable (>= 2.8.0)
      crack (>= 0.3.2)
      hashdiff (>= 0.4.0, < 2.0.0)
    zeitwerk (2.7.3)

PLATFORMS
  x86_64-darwin-21

DEPENDENCIES
  irb
  minitest (~> 5.16)
  rails_error_notifier!
  rake (~> 13.0)
  rspec
  rspec-rails
  webmock

BUNDLED WITH
   2.7.1
